PATH
  remote: .
  specs:
    reckon (0.3.8)
      chronic (>= 0.3.0)
      fastercsv (>= 1.5.1)
      highline (>= 1.5.2)
      terminal-table (>= 1.4.2)

GEM
  remote: http://rubygems.org/
  specs:
    chronic (0.9.1)
    diff-lcs (1.1.3)
    fastercsv (1.5.5)
    highline (1.6.19)
    rake (10.0.4)
    rspec (2.11.0)
      rspec-core (~> 2.11.0)
      rspec-expectations (~> 2.11.0)
      rspec-mocks (~> 2.11.0)
    rspec-core (2.11.1)
    rspec-expectations (2.11.2)
      diff-lcs (~> 1.1.3)
    rspec-mocks (2.11.1)
    terminal-table (1.4.5)

PLATFORMS
  ruby

DEPENDENCIES
  rake
  reckon!
  rspec (>= 1.2.9)
